GIT
  remote: https://github.com/garethrees/blast_commander.git
  revision: e1b28d09c3a8f6f4121cae3d4134e9b4a2d75e7c
  branch: develop
  specs:
    blast_commander (0.0.8)
      entrez
      httparty
      nokogiri
      nori (= 2.0.3)

GEM
  remote: https://rubygems.org/
  specs:
    activesupport (3.2.13)
      i18n (= 0.6.1)
      multi_json (~> 1.0)
    celluloid (0.15.2)
      timers (~> 1.1.0)
    csv_shaper (1.0.0)
      activesupport (>= 3.0.0)
    daemons (1.1.9)
    entrez (0.5.8.1)
      httparty
    eventmachine (1.0.3)
    httparty (0.12.0)
      json (~> 1.8)
      multi_xml (>= 0.5.2)
    i18n (0.6.1)
    json (1.8.1)
    mini_portile (0.5.2)
    multi_json (1.7.9)
    multi_xml (0.5.5)
    nokogiri (1.6.0)
      mini_portile (~> 0.5.0)
    nori (2.0.3)
    rack (1.5.2)
    rack-protection (1.5.0)
      rack
    shotgun (0.9)
      rack (>= 1.0)
    sinatra (1.4.2)
      rack (~> 1.5, >= 1.5.2)
      rack-protection (~> 1.4)
      tilt (~> 1.3, >= 1.3.4)
    sucker_punch (1.0.2)
      celluloid (~> 0.15.1)
    thin (1.5.1)
      daemons (>= 1.0.9)
      eventmachine (>= 0.12.6)
      rack (>= 1.0.0)
    tilt (1.4.0)
    timers (1.1.0)

PLATFORMS
  ruby

DEPENDENCIES
  blast_commander!
  csv_shaper
  shotgun
  sinatra
  sucker_punch
  thin
